GIT
  remote: https://github.com/rkh/coder
  revision: 44b0cf89b98caecc654dd1a724a448e17ef7aa6c
  specs:
    coder (0.4.0)

GIT
  remote: https://github.com/travis-ci/gh
  revision: 5b65206298ad1fdfb9d627a0845b62366f765909
  branch: igor-update-faraday
  specs:
    gh (0.15.1)
      addressable (~> 2.4)
      backports
      faraday (~> 0.9)
      multi_json (~> 1.0)
      net-http-persistent (~> 3.0)

GIT
  remote: https://github.com/travis-ci/libhoney-rb
  revision: bc6159ab0017c266cb8e18030856fb892eec0818
  branch: igor-faraday
  specs:
    libhoney (1.0.4)
      faraday (~> 0.12)
      faraday_middleware (~> 0.12)
      net-http-persistent (~> 3.0)

GIT
  remote: https://github.com/travis-ci/travis-exceptions
  revision: ab236981f810b820bc3ebfaf33f317bbaa9b3465
  specs:
    travis-exceptions (0.0.2)
      sentry-raven

GIT
  remote: https://github.com/travis-ci/travis-logger
  revision: b589e0ca0e9f1a5d6cd8536ff7288d21d36c7560
  specs:
    travis-logger (0.0.1)

GIT
  remote: https://github.com/travis-ci/travis-rollout
  revision: 71cc9102dff01f95c281f99183e54b6695faa7ec
  ref: sf-refactor
  specs:
    travis-rollout (0.0.1)

GIT
  remote: https://github.com/travis-ci/travis-settings
  revision: 0f477ddbcf852e1551d459fdda8fe2786e376495
  specs:
    travis-settings (0.0.1)
      activemodel
      virtus

GEM
  remote: https://rubygems.org/
  remote: https://gems.contribsys.com/
  specs:
    activemodel (4.2.9)
      activesupport (= 4.2.9)
      builder (~> 3.1)
    activerecord (4.2.9)
      activemodel (= 4.2.9)
      activesupport (= 4.2.9)
      arel (~> 6.0)
    activesupport (4.2.9)
      i18n (~> 0.7)
      minitest (~> 5.1)
      thread_safe (~> 0.3, >= 0.3.4)
      tzinfo (~> 1.1)
    addressable (2.5.1)
      public_suffix (~> 2.0, >= 2.0.2)
    amq-protocol (2.2.0)
    arel (6.0.4)
    atomic (1.1.99)
    avl_tree (1.2.1)
      atomic (~> 1.1)
    axiom-types (0.1.1)
      descendants_tracker (~> 0.0.4)
      ice_nine (~> 0.11.0)
      thread_safe (~> 0.3, >= 0.3.1)
    backports (3.8.0)
    builder (3.2.3)
    bunny (2.6.6)
      amq-protocol (>= 2.1.0)
    cl (0.0.4)
    coercible (1.0.0)
      descendants_tracker (~> 0.0.1)
    concurrent-ruby (1.0.5)
    connection_pool (2.2.1)
    crack (0.4.3)
      safe_yaml (~> 1.0.0)
    database_cleaner (1.5.3)
    descendants_tracker (0.0.4)
      thread_safe (~> 0.3, >= 0.3.1)
    diff-lcs (1.3)
    equalizer (0.0.11)
    factory_girl (4.7.0)
      activesupport (>= 3.0.0)
    faraday (0.13.1)
      multipart-post (>= 1.2, < 3)
    faraday_middleware (0.12.2)
      faraday (>= 0.7.4, < 1.0)
    hashdiff (0.3.5)
    hashr (2.0.1)
    hitimes (1.2.6)
    i18n (0.8.6)
    ice_nine (0.11.2)
    jemalloc (1.0.1)
    metaclass (0.0.4)
    metriks (0.9.9.8)
      atomic (~> 1.0)
      avl_tree (~> 1.2.0)
      hitimes (~> 1.1)
    metriks-librato_metrics (1.0.6)
      metriks (>= 0.9.9.6)
    minitest (5.10.3)
    mocha (0.10.5)
      metaclass (~> 0.0.1)
    multi_json (1.12.1)
    multipart-post (2.0.0)
    net-http-persistent (3.0.0)
      connection_pool (~> 2.2)
    pg (0.21.0)
    public_suffix (2.0.5)
    rack (1.6.4)
    rack-protection (1.5.3)
      rack
    rake (12.0.0)
    redis (3.3.3)
    redis-namespace (1.5.3)
      redis (~> 3.0, >= 3.0.4)
    redlock (0.2.0)
      redis (~> 3, >= 3.0.0)
    rollout (2.4.3)
    rspec (3.6.0)
      rspec-core (~> 3.6.0)
      rspec-expectations (~> 3.6.0)
      rspec-mocks (~> 3.6.0)
    rspec-core (3.6.0)
      rspec-support (~> 3.6.0)
    rspec-expectations (3.6.0)
      diff-lcs (>= 1.2.0, < 2.0)
      rspec-support (~> 3.6.0)
    rspec-mocks (3.6.0)
      diff-lcs (>= 1.2.0, < 2.0)
      rspec-support (~> 3.6.0)
    rspec-support (3.6.0)
    safe_yaml (1.0.4)
    sentry-raven (2.6.3)
      faraday (>= 0.7.6, < 1.0)
    sidekiq (5.0.4)
      concurrent-ruby (~> 1.0)
      connection_pool (~> 2.2, >= 2.2.0)
      rack-protection (>= 1.5.0)
      redis (~> 3.3, >= 3.3.3)
    sidekiq-pro (3.5.2)
      sidekiq (>= 4.1.5)
    thread_safe (0.3.6)
    travis-config (1.1.3)
      hashr (~> 2.0)
    travis-lock (0.1.1)
    travis-metrics (2.0.0)
      metriks-librato_metrics (~> 1.0)
    tzinfo (1.2.3)
      thread_safe (~> 0.1)
    virtus (1.0.5)
      axiom-types (~> 0.1)
      coercible (~> 1.0)
      descendants_tracker (~> 0.0, >= 0.0.3)
      equalizer (~> 0.0, >= 0.0.9)
    webmock (3.0.1)
      addressable (>= 2.3.6)
      crack (>= 0.3.2)
      hashdiff

PLATFORMS
  ruby

DEPENDENCIES
  activerecord (~> 4.2.7)
  bunny (~> 2.6.1)
  cl
  coder!
  concurrent-ruby
  database_cleaner (~> 1.5.1)
  factory_girl (~> 4.7.0)
  gh!
  jemalloc
  libhoney!
  mocha (~> 0.10.0)
  multi_json (~> 1.11)
  pg
  rack (= 1.6.4)
  rake
  redis-namespace
  redlock
  rollout
  rspec
  sentry-raven
  sidekiq-pro!
  travis-config (~> 1.1.3)
  travis-exceptions!
  travis-lock
  travis-logger!
  travis-metrics (~> 2.0.0)
  travis-rollout!
  travis-settings!
  webmock

BUNDLED WITH
   1.15.4
